PATH
  remote: .
  specs:
    eagle_ruby (0.0.1)
      nokogiri

GEM
  remote: http://rubygems.org/
  specs:
    archive-tar-minitar (0.5.2)
    columnize (0.3.5)
    diff-lcs (1.1.3)
    ffi (1.0.10)
    guard (0.8.8)
      thor (~> 0.14.6)
    guard-rspec (0.5.2)
      guard (>= 0.8.4)
    libnotify (0.5.9)
    linecache19 (0.5.12)
      ruby_core_source (>= 0.1.4)
    nokogiri (1.5.0)
    rb-fchange (0.0.5)
      ffi
    rb-fsevent (0.4.3.1)
    rb-inotify (0.8.8)
      ffi (>= 0.5.0)
    rspec (2.7.0)
      rspec-core (~> 2.7.0)
      rspec-expectations (~> 2.7.0)
      rspec-mocks (~> 2.7.0)
    rspec-core (2.7.1)
    rspec-expectations (2.7.0)
      diff-lcs (~> 1.1.2)
    rspec-mocks (2.7.0)
    ruby-debug-base19 (0.11.25)
      columnize (>= 0.3.1)
      linecache19 (>= 0.5.11)
      ruby_core_source (>= 0.1.4)
    ruby-debug19 (0.11.6)
      columnize (>= 0.3.1)
      linecache19 (>= 0.5.11)
      ruby-debug-base19 (>= 0.11.19)
    ruby_core_source (0.1.5)
      archive-tar-minitar (>= 0.5.2)
    thor (0.14.6)

PLATFORMS
  ruby

DEPENDENCIES
  eagle_ruby!
  guard
  guard-rspec
  libnotify
  rb-fchange
  rb-fsevent
  rb-inotify
  rspec
  ruby-debug19
